GEM
  remote: https://rubygems.org/
  specs:
    coderay (1.1.2)
    method_source (0.9.0)
    net-ldap (0.16.1)
    phony (2.16.3)
    pry (0.11.3)
      coderay (~> 1.1.0)
      method_source (~> 0.9.0)

PLATFORMS
  ruby

DEPENDENCIES
  net-ldap
  phony
  pry

BUNDLED WITH
   1.16.1
